GIT
  remote: git@github.com:rightscale/right_support.git
  revision: 247880513d3aa6b9118abedc402a8dd8ff900ee1
  specs:
    right_support (0.9.6)

GEM
  remote: http://rubygems.org/
  remote: http://gems.github.com/
  specs:
    amqp (0.6.7)
      eventmachine (>= 0.12.4)
    diff-lcs (1.1.2)
    eventmachine (0.12.10)
    flexmock (0.9.0)
    json (1.4.6)
    msgpack (0.4.4)
    rake (0.8.7)
    right_popen (1.0.11)
      eventmachine (>= 0.12.10)
    rspec (2.6.0)
      rspec-core (~> 2.6.0)
      rspec-expectations (~> 2.6.0)
      rspec-mocks (~> 2.6.0)
    rspec-core (2.6.3)
    rspec-expectations (2.6.0)
      diff-lcs (~> 1.1.2)
    rspec-mocks (2.6.0)

PLATFORMS
  ruby

DEPENDENCIES
  amqp (= 0.6.7)
  eventmachine (= 0.12.10)
  flexmock (~> 0.9)
  json (>= 1.4.4, <= 1.4.6)
  msgpack (= 0.4.4)
  rake (= 0.8.7)
  right_popen (= 1.0.11)
  right_support!
  rspec (~> 2.5)
