GIT
  remote: git@github.com:rightscale/right_amqp.git
  revision: 8c31867b40a53ed4b4391244162479b6ec4160a3
  branch: master
  specs:
    right_amqp (0.3.1)
      eventmachine (~> 0.12.10)
      right_support (>= 1.2, < 3.0)

PATH
  remote: .
  specs:
    right_agent (0.11.0)
      eventmachine (~> 0.12.10)
      json (~> 1.4)
      msgpack (= 0.4.4)
      net-ssh (~> 2.0)
      right_amqp (~> 0.3)
      right_popen (~> 1.0.11)
      right_support (>= 1.3, < 3.0)

GEM
  remote: http://rubygems.org/
  specs:
    archive-tar-minitar (0.5.2)
    columnize (0.3.6)
    diff-lcs (1.1.3)
    eventmachine (0.12.10)
    eventmachine (0.12.10-x86-mswin32)
    flexmock (0.9.0)
    json (1.4.6)
    json (1.4.6-x86-mswin32)
    linecache (0.46)
      rbx-require-relative (> 0.0.4)
    linecache19 (0.5.12)
      ruby_core_source (>= 0.1.4)
    memprof (0.3.10)
      rest-client (>= 1.4.2)
      term-ansicolor
    mime-types (1.18)
    msgpack (0.4.4)
    msgpack (0.4.4-x86-mswin32)
    net-ssh (2.5.2)
    rake (0.9.2.2)
    rbx-require-relative (0.0.9)
    rest-client (1.6.7)
      mime-types (>= 1.16)
    right_popen (1.0.16)
      eventmachine (>= 0.12.10)
    right_support (2.2.0)
    rspec (2.10.0)
      rspec-core (~> 2.10.0)
      rspec-expectations (~> 2.10.0)
      rspec-mocks (~> 2.10.0)
    rspec-core (2.10.1)
    rspec-expectations (2.10.0)
      diff-lcs (~> 1.1.3)
    rspec-mocks (2.10.1)
    ruby-debug (0.10.4)
      columnize (>= 0.1)
      ruby-debug-base (~> 0.10.4.0)
    ruby-debug-base (0.10.4)
      linecache (>= 0.3)
    ruby-debug-base19 (0.11.25)
      columnize (>= 0.3.1)
      linecache19 (>= 0.5.11)
      ruby_core_source (>= 0.1.4)
    ruby-debug19 (0.11.6)
      columnize (>= 0.3.1)
      linecache19 (>= 0.5.11)
      ruby-debug-base19 (>= 0.11.19)
    ruby_core_source (0.1.5)
      archive-tar-minitar (>= 0.5.2)
    term-ansicolor (1.0.7)
    win32-api (1.4.5-x86-mswin32)
    win32-dir (0.3.7)
      windows-pr (>= 1.0.9)
    win32-process (0.6.5)
      windows-pr (>= 1.1.2)
    windows-api (0.4.1)
      win32-api (>= 1.4.5)
    windows-pr (1.2.1)
      win32-api (>= 1.4.5)
      windows-api (>= 0.3.0)

PLATFORMS
  ruby
  x86-mswin32

DEPENDENCIES
  eventmachine (= 0.12.10)
  flexmock (~> 0.9)
  json (= 1.4.6)
  memprof (~> 0.3)
  rake (>= 0.9.2.2)
  right_agent!
  right_amqp!
  rspec (~> 2.8)
  ruby-debug
  ruby-debug19
  win32-api (= 1.4.5)
  win32-dir (>= 0.3.5)
  win32-process (= 0.6.5)
