GIT
  remote: git@github.com:rightscale/right_amqp.git
  revision: 53743d0be00501bb4bfffac999cc58c29e31eb0e
  branch: master
  specs:
    right_amqp (0.3.0)
      eventmachine (~> 0.12.10)
      right_support (~> 1.2)

PATH
  remote: .
  specs:
    right_agent (0.10.2)
      eventmachine (~> 0.12.10)
      json (~> 1.4)
      msgpack (= 0.4.4)
      net-ssh (~> 2.0)
      right_amqp (~> 0.3)
      right_popen (~> 1.0.11)
      right_support (~> 1.3)

GEM
  remote: http://rubygems.org/
  remote: http://gems.github.com/
  specs:
    archive-tar-minitar (0.5.2)
    columnize (0.3.6)
    diff-lcs (1.1.3)
    eventmachine (0.12.10)
    flexmock (0.9.0)
    json (1.6.1)
    linecache19 (0.5.12)
      ruby_core_source (>= 0.1.4)
    msgpack (0.4.4)
    net-ssh (2.3.0)
    rake (0.9.2.2)
    right_popen (1.0.11)
      eventmachine (>= 0.12.10)
    right_support (1.4.0)
    rspec (2.9.0)
      rspec-core (~> 2.9.0)
      rspec-expectations (~> 2.9.0)
      rspec-mocks (~> 2.9.0)
    rspec-core (2.9.0)
    rspec-expectations (2.9.1)
      diff-lcs (~> 1.1.3)
    rspec-mocks (2.9.0)
    ruby-debug-base19 (0.11.25)
      columnize (>= 0.3.1)
      linecache19 (>= 0.5.11)
      ruby_core_source (>= 0.1.4)
    ruby-debug19 (0.11.6)
      columnize (>= 0.3.1)
      linecache19 (>= 0.5.11)
      ruby-debug-base19 (>= 0.11.19)
    ruby_core_source (0.1.5)
      archive-tar-minitar (>= 0.5.2)

PLATFORMS
  ruby

DEPENDENCIES
  eventmachine (= 0.12.10)
  flexmock (~> 0.9)
  json (~> 1.6)
  rake (>= 0.9.2.2)
  right_agent!
  right_amqp!
  rspec (~> 2.8)
  ruby-debug19
