GIT
  remote: git@github.com:duncan-bayne/rest-client.git
  revision: af5ceb0c18115deb468d59343d65668f1ffa7f64
  branch: feature-keep-alive
  specs:
    rest-client (1.7.0.alpha)
      mime-types (>= 1.16)
      net-http-persistent
      netrc (~> 0.7.7)

GIT
  remote: git@github.com:rightscale/right_amqp.git
  revision: 5df7466fbda157ef771ebf1e6bb163db4fbd59a2
  branch: master
  specs:
    right_amqp (0.7.0)
      eventmachine (>= 0.12.10, < 2.0)
      right_support (>= 1.2, < 3.0)

GIT
  remote: git@github.com:rightscale/right_support.git
  revision: 997f04c475d5320c6f90c534270bac0e48afd290
  branch: master
  specs:
    right_support (2.8.7)

PATH
  remote: .
  specs:
    right_agent (2.0.5)
      eventmachine (>= 0.12.10, < 2.0)
      faye-websocket (= 0.7.0)
      ffi
      json (~> 1.4)
      msgpack (>= 0.4.4, < 0.6)
      net-ssh (~> 2.0)
      rest-client (= 1.7.0.alpha)
      right_amqp (~> 0.7)
      right_support (>= 2.4.1, < 3.0)

GEM
  remote: http://s3.amazonaws.com/rightscale_rightlink_gems_dev/
  remote: https://rubygems.org/
  specs:
    archive-tar-minitar (0.5.2)
    columnize (0.3.6)
    diff-lcs (1.1.3)
    eventmachine (1.0.0.5)
    faye-websocket (0.7.0)
      eventmachine (>= 0.12.0)
      websocket-driver (>= 0.3.0)
    ffi (1.9.3)
    ffi (1.9.3-x86-mingw32)
    flexmock (0.9.0)
    json (1.8.1)
    linecache (0.46)
      rbx-require-relative (> 0.0.4)
    linecache19 (0.5.12)
      ruby_core_source (>= 0.1.4)
    mime-types (1.25.1)
    msgpack (0.5.8)
    msgpack (0.5.8-x86-mingw32)
    net-http-persistent (2.9)
    net-ssh (2.8.0)
    netrc (0.7.7)
    rake (0.9.2.2)
    rbx-require-relative (0.0.9)
    rspec (2.10.0)
      rspec-core (~> 2.10.0)
      rspec-expectations (~> 2.10.0)
      rspec-mocks (~> 2.10.0)
    rspec-core (2.10.1)
    rspec-expectations (2.10.0)
      diff-lcs (~> 1.1.3)
    rspec-mocks (2.10.1)
    ruby-debug (0.10.4)
      columnize (>= 0.1)
      ruby-debug-base (~> 0.10.4.0)
    ruby-debug-base (0.10.4)
      linecache (>= 0.3)
    ruby-debug-base19 (0.11.25)
      columnize (>= 0.3.1)
      linecache19 (>= 0.5.11)
      ruby_core_source (>= 0.1.4)
    ruby-debug19 (0.11.6)
      columnize (>= 0.3.1)
      linecache19 (>= 0.5.11)
      ruby-debug-base19 (>= 0.11.19)
    ruby_core_source (0.1.5)
      archive-tar-minitar (>= 0.5.2)
    simple_uuid (0.4.0)
    websocket-driver (0.3.2)
    win32-dir (0.4.6)
      ffi (>= 1.0.0)
    win32-process (0.7.3)
      ffi (>= 1.0.0)

PLATFORMS
  ruby
  x86-mingw32
  x86-mswin32

DEPENDENCIES
  eventmachine (~> 1.0.0.5)
  flexmock (~> 0.9)
  json (~> 1.4)
  mime-types (< 2.0)
  rake (>= 0.9.2.2)
  rest-client!
  right_agent!
  right_amqp!
  right_support!
  rspec (~> 2.8)
  ruby-debug
  ruby-debug19
  simple_uuid (~> 0.2)
  win32-dir (~> 0.4.5)
  win32-process (~> 0.7.3)
