GIT
  remote: git@github.com:rightscale/right_amqp.git
  revision: d44a768805c304c4ac5eabcd51b5fe45b0433419
  branch: master
  specs:
    right_amqp (0.1.0)
      eventmachine (~> 0.12.10)
      right_support (~> 1.2)

GIT
  remote: git@github.com:rightscale/right_support.git
  revision: 7b34bb976cbb15d51f95ea8fcedeacfdbeba8556
  branch: azure_11744_right_amqp
  specs:
    right_support (1.2.0)

PATH
  remote: .
  specs:
    right_agent (0.7.0)
      eventmachine (~> 0.12.10)
      json (~> 1.4)
      msgpack (= 0.4.4)
      right_amqp (~> 0.1)
      right_popen (~> 1.0.11)
      right_support (~> 1.2)

GEM
  remote: http://rubygems.org/
  remote: http://gems.github.com/
  specs:
    columnize (0.3.4)
    diff-lcs (1.1.3)
    eventmachine (0.12.10)
    flexmock (0.9.0)
    json (1.6.1)
    linecache (0.46)
      rbx-require-relative (> 0.0.4)
    memprof (0.3.10)
      rest-client (>= 1.4.2)
      term-ansicolor
    mime-types (1.16)
    msgpack (0.4.4)
    rake (0.9.2)
    rbx-require-relative (0.0.5)
    rest-client (1.6.7)
      mime-types (>= 1.16)
    right_popen (1.0.11)
      eventmachine (>= 0.12.10)
    rspec (2.6.0)
      rspec-core (~> 2.6.0)
      rspec-expectations (~> 2.6.0)
      rspec-mocks (~> 2.6.0)
    rspec-core (2.6.4)
    rspec-expectations (2.6.0)
      diff-lcs (~> 1.1.2)
    rspec-mocks (2.6.0)
    ruby-debug (0.10.4)
      columnize (>= 0.1)
      ruby-debug-base (~> 0.10.4.0)
    ruby-debug-base (0.10.4)
      linecache (>= 0.3)
    term-ansicolor (1.0.6)

PLATFORMS
  ruby

DEPENDENCIES
  eventmachine (= 0.12.10)
  flexmock (~> 0.9)
  json (~> 1.6)
  memprof (~> 0.3)
  rake (>= 0.8.7)
  right_agent!
  right_amqp!
  right_support!
  rspec (~> 2.5)
  ruby-debug (>= 0.10)
