PATH
  remote: .
  specs:
    right_agent (2.4.5)
      eventmachine (>= 0.12.10, < 2.0)
      faye-websocket (~> 0.7.0)
      ffi
      json (~> 1.4)
      msgpack (>= 0.4.4, < 0.6)
      net-ssh (~> 2.0)
      rest-client (~> 1.7.0.3)
      right_amqp (~> 0.8)
      right_support (>= 2.4.1, < 3.0)

GEM
  remote: http://gems.test.rightscale.com/
  remote: https://rubygems.org/
  specs:
    addressable (2.3.5)
    builder (3.2.2)
    byebug (2.7.0)
      columnize (~> 0.3)
      debugger-linecache (~> 1.2)
    coderay (1.1.0)
    columnize (0.3.6)
    cookiejar (0.3.2)
    debugger-linecache (1.2.0)
    diff-lcs (1.2.5)
    docile (1.1.5)
    em-http-request (1.0.3)
      addressable (>= 2.2.3)
      cookiejar
      em-socksify
      eventmachine (>= 1.0.0.beta.4)
      http_parser.rb (>= 0.5.3)
    em-socksify (0.3.0)
      eventmachine (>= 1.0.0.beta.4)
    eventmachine (1.0.0.11)
    faye-websocket (0.7.5)
      eventmachine (>= 0.12.0)
      websocket-driver (>= 0.3.5)
    ffi (1.9.3)
    ffi (1.9.3-x86-mingw32)
    fiber_pool (1.0.0)
    flexmock (1.3.3)
    http_parser.rb (0.6.0)
    hydraulic_brake (0.1.0)
      builder
    json (1.8.1)
    linecache (0.46)
      rbx-require-relative (> 0.0.4)
    method_source (0.8.2)
    mime-types (1.25.1)
    msgpack (0.5.9)
    msgpack (0.5.9-x86-mingw32)
    multi_json (1.10.1)
    net-http-persistent (2.9.4)
    net-ssh (2.9.1)
    netrc (0.7.9)
    pry (0.10.1)
      coderay (~> 1.1.0)
      method_source (~> 0.8.1)
      slop (~> 3.4)
    pry-byebug (1.3.3)
      byebug (~> 2.7)
      pry (~> 0.10)
    rack (1.5.2)
    rake (0.9.2.2)
    rbx-require-relative (0.0.9)
    rest-client (1.7.0.4)
      mime-types (>= 1.16)
      net-http-persistent
      netrc (~> 0.7.7)
    right_amqp (0.8.5)
      eventmachine (>= 0.12.10, < 2.0)
      right_support (>= 1.2, < 3.0)
    right_aws (3.1.0)
      right_http_connection (>= 1.2.5)
    right_develop (3.1.5)
      builder (~> 3.0)
      rack
      right_aws (>= 2.1.0)
      right_git (>= 1.0)
      right_support (>= 2.8.31, < 3.0.0)
      trollop (>= 1.0, < 3.0)
    right_git (1.0.1)
      right_support (>= 2.8.10)
    right_http_connection (1.5.0)
    right_support (2.8.32)
    rspec (2.13.0)
      rspec-core (~> 2.13.0)
      rspec-expectations (~> 2.13.0)
      rspec-mocks (~> 2.13.0)
    rspec-core (2.13.1)
    rspec-expectations (2.13.0)
      diff-lcs (>= 1.1.3, < 2.0)
    rspec-mocks (2.13.1)
    ruby-debug (0.10.4)
      columnize (>= 0.1)
      ruby-debug-base (~> 0.10.4.0)
    ruby-debug-base (0.10.4)
      linecache (>= 0.3)
    simple_uuid (0.4.0)
    simplecov (0.9.1)
      docile (~> 1.1.0)
      multi_json (~> 1.0)
      simplecov-html (~> 0.8.0)
    simplecov-html (0.8.0)
    slop (3.6.0)
    trollop (2.0)
    websocket-driver (0.3.5)
    win32-dir (0.4.6)
      ffi (>= 1.0.0)
    win32-process (0.7.3)
      ffi (>= 1.0.0)

PLATFORMS
  ruby
  x86-mingw32
  x86-mswin32

DEPENDENCIES
  em-http-request (= 1.0.3)
  eventmachine (~> 1.0.0.10)
  fiber_pool (= 1.0.0)
  flexmock (~> 1.0)
  hydraulic_brake (~> 0.1.0)
  json (~> 1.4)
  mime-types (< 2.0)
  pry
  pry-byebug
  rake (>= 0.9.2.2)
  right_agent!
  right_develop (~> 3.1)
  rspec (~> 2.13.0)
  ruby-debug
  simple_uuid (~> 0.2)
  simplecov
  win32-dir (~> 0.4.5)
  win32-process (~> 0.7.3)
