GIT
  remote: git@github.com:rightscale/right_amqp.git
  revision: 77305afa4905931d6806c419116893d8854a6546
  branch: master
  specs:
    right_amqp (0.3.0)
      eventmachine (~> 0.12.10)
      right_support (~> 1.2)

PATH
  remote: .
  specs:
    right_agent (0.10.0)
      eventmachine (~> 0.12.10)
      json (~> 1.4)
      msgpack (= 0.4.4)
      net-ssh (~> 2.0)
      right_amqp (~> 0.3)
      right_popen (~> 1.0.11)
      right_support (~> 1.3)

GEM
  remote: http://rubygems.org/
  remote: http://gems.github.com/
  specs:
    archive-tar-minitar (0.5.2)
    columnize (0.3.6)
    diff-lcs (1.1.3)
    eventmachine (0.12.10)
    eventmachine (0.12.10-x86-mswin32)
    flexmock (0.9.0)
    json (1.7.0)
    linecache19 (0.5.12)
      ruby_core_source (>= 0.1.4)
    msgpack (0.4.4-x86-mswin32)
    net-ssh (2.3.0)
    rake (0.9.2.2)
    right_popen (1.0.11-x86-mswin32)
      eventmachine (>= 0.12.10)
      win32-process (>= 0.6.1)
    right_support (1.4.0)
    rspec (2.9.0)
      rspec-core (~> 2.9.0)
      rspec-expectations (~> 2.9.0)
      rspec-mocks (~> 2.9.0)
    rspec-core (2.9.0)
    rspec-expectations (2.9.1)
      diff-lcs (~> 1.1.3)
    rspec-mocks (2.9.0)
    ruby-debug-base19 (0.11.25)
      columnize (>= 0.3.1)
      linecache19 (>= 0.5.11)
      ruby_core_source (>= 0.1.4)
    ruby-debug19 (0.11.6)
      columnize (>= 0.3.1)
      linecache19 (>= 0.5.11)
      ruby-debug-base19 (>= 0.11.19)
    ruby_core_source (0.1.5)
      archive-tar-minitar (>= 0.5.2)
    win32-api (1.4.8)
    win32-dir (0.3.7)
      windows-pr (>= 1.0.9)
    win32-process (0.6.5)
      windows-pr (>= 1.1.2)
    windows-api (0.4.1)
      win32-api (>= 1.4.5)
    windows-pr (1.2.1)
      win32-api (>= 1.4.5)
      windows-api (>= 0.3.0)

PLATFORMS
  ruby
  x86-mswin32

DEPENDENCIES
  eventmachine (= 0.12.10)
  flexmock (~> 0.9)
  json (~> 1.6)
  rake (>= 0.9.2.2)
  right_agent!
  right_amqp!
  rspec (~> 2.8)
  ruby-debug19
  win32-dir (>= 0.3.5)
