GIT
  remote: git@github.com:rightscale/right_agent.git
  revision: 073776ab2a23470bebea1ef5b24c17c3bb2e6314
  specs:
    right_agent (0.1.0)

GIT
  remote: git@github.com:rightscale/right_support.git
  revision: 247880513d3aa6b9118abedc402a8dd8ff900ee1
  specs:
    right_support (0.9.6)

GEM
  remote: http://rubygems.org/
  remote: http://gems.github.com/
  specs:
    actionmailer (2.3.5)
      actionpack (= 2.3.5)
    actionpack (2.3.5)
      activesupport (= 2.3.5)
      rack (~> 1.0.0)
    activesupport (2.3.5)
    amqp (0.6.7)
      eventmachine (>= 0.12.4)
    diff-lcs (1.1.2)
    eventmachine (0.12.10)
    flexmock (0.9.0)
    json (1.4.6)
    mime-types (1.16)
    msgpack (0.4.4)
    rack (1.0.1)
    rake (0.8.7)
    rest-client (1.6.1)
      mime-types (>= 1.16)
    right_popen (1.0.11)
      eventmachine (>= 0.12.10)
    rspec (2.6.0)
      rspec-core (~> 2.6.0)
      rspec-expectations (~> 2.6.0)
      rspec-mocks (~> 2.6.0)
    rspec-core (2.6.3)
    rspec-expectations (2.6.0)
      diff-lcs (~> 1.1.2)
    rspec-mocks (2.6.0)

PLATFORMS
  ruby

DEPENDENCIES
  actionmailer (= 2.3.5)
  amqp (= 0.6.7)
  eventmachine (= 0.12.10)
  flexmock (~> 0.9)
  json (>= 1.4.4, <= 1.4.6)
  msgpack (= 0.4.4)
  rake (= 0.8.7)
  rest-client (= 1.6.1)
  right_agent!
  right_popen (= 1.0.11)
  right_support!
  rspec (~> 2.5)
